GEM
  remote: http://rubygems.org/
  specs:
    haversine (0.3.0)
    json (1.6.4)
    nokogiri (1.5.0)

PLATFORMS
  ruby

DEPENDENCIES
  haversine
  json
  nokogiri
