GEM
  remote: http://rubygems.org/
  specs:
    awesome_print (1.0.2)
    json (1.6.4)

PLATFORMS
  ruby

DEPENDENCIES
  awesome_print
  json
